GEM
  remote: https://rubygems.org/
  specs:
    bootstrap-sass (3.2.0.1)
      sass (~> 3.2)
    sass (3.4.0)

PLATFORMS
  ruby

DEPENDENCIES
  bootstrap-sass (~> 3.2.0)
