GEM
  remote: https://rubygems.org/
  specs:
    bootstrap-sass (3.1.1.0)
      sass (~> 3.2)
    rake (10.4.2)
    sass (3.4.3)
    term-ansicolor (1.3.0)
      tins (~> 1.0)
    tins (1.3.2)

PLATFORMS
  ruby

DEPENDENCIES
  bootstrap-sass (= 3.1.1)
  rake
  sass (~> 3.2)
  term-ansicolor
